GEM
  remote: https://rubygems.org/
  specs:
    actioncable (6.0.6.1)
      actionpack (= 6.0.6.1)
      nio4r (~> 2.0)
      websocket-driver (>= 0.6.1)
    actionmailbox (6.0.6.1)
      actionpack (= 6.0.6.1)
      activejob (= 6.0.6.1)
      activerecord (= 6.0.6.1)
      activestorage (= 6.0.6.1)
      activesupport (= 6.0.6.1)
      mail (>= 2.7.1)
    actionmailer (6.0.6.1)
      actionpack (= 6.0.6.1)
      actionview (= 6.0.6.1)
      activejob (= 6.0.6.1)
      mail (~> 2.5, >= 2.5.4)
      rails-dom-testing (~> 2.0)
    actionpack (6.0.6.1)
      actionview (= 6.0.6.1)
      activesupport (= 6.0.6.1)
      rack (~> 2.0, >= 2.0.8)
      rack-test (>= 0.6.3)
      rails-dom-testing (~> 2.0)
      rails-html-sanitizer (~> 1.0, >= 1.2.0)
    actiontext (6.0.6.1)
      actionpack (= 6.0.6.1)
      activerecord (= 6.0.6.1)
      activestorage (= 6.0.6.1)
      activesupport (= 6.0.6.1)
      nokogiri (>= 1.8.5)
    actionview (6.0.6.1)
      activesupport (= 6.0.6.1)
      builder (~> 3.1)
      erubi (~> 1.4)
      rails-dom-testing (~> 2.0)
      rails-html-sanitizer (~> 1.1, >= 1.2.0)
    activejob (6.0.6.1)
      activesupport (= 6.0.6.1)
      globalid (>= 0.3.6)
    activemodel (6.0.6.1)
      activesupport (= 6.0.6.1)
    activerecord (6.0.6.1)
      activemodel (= 6.0.6.1)
      activesupport (= 6.0.6.1)
    activerecord-sqlserver-adapter (6.0.3)
      activerecord (~> 6.0.0)
      tiny_tds
    activestorage (6.0.6.1)
      actionpack (= 6.0.6.1)
      activejob (= 6.0.6.1)
      activerecord (= 6.0.6.1)
      marcel (~> 1.0)
    activesupport (6.0.6.1)
      concurrent-ruby (~> 1.0, >= 1.0.2)
      i18n (>= 0.7, < 2)
      minitest (~> 5.1)
      tzinfo (~> 1.1)
      zeitwerk (~> 2.2, >= 2.2.2)
    addressable (2.8.5)
      public_suffix (>= 2.0.2, < 6.0)
    airbrussh (1.5.0)
      sshkit (>= 1.6.1, != 1.7.0)
    american_date (1.3.0)
    babel-source (5.8.35)
    babel-transpiler (0.7.0)
      babel-source (>= 4.0, < 6)
      execjs (~> 2.0)
    bcrypt (3.1.19)
    bindex (0.8.1)
    builder (3.2.4)
    byebug (11.1.3)
    capistrano (3.16.0)
      airbrussh (>= 1.0.0)
      i18n
      rake (>= 10.0.0)
      sshkit (>= 1.9.0)
    capistrano-bundler (2.1.0)
      capistrano (~> 3.1)
    capistrano-rails (1.6.3)
      capistrano (~> 3.1)
      capistrano-bundler (>= 1.1, < 3)
    capistrano-rvm (0.1.2)
      capistrano (~> 3.0)
      sshkit (~> 1.2)
    capybara (3.39.2)
      addressable
      matrix
      mini_mime (>= 0.1.3)
      nokogiri (~> 1.8)
      rack (>= 1.6.0)
      rack-test (>= 0.6.3)
      regexp_parser (>= 1.5, < 3.0)
      xpath (~> 3.2)
    carrierwave (2.0.0.rc)
      activemodel (>= 5.0.0)
      activesupport (>= 5.0.0)
      addressable (~> 2.6)
      image_processing (~> 1.1)
      mimemagic (>= 0.3.0)
      mini_mime (>= 0.1.3)
    chronic (0.10.2)
    coffee-rails (4.2.2)
      coffee-script (>= 2.2.0)
      railties (>= 4.0.0)
    coffee-script (2.4.1)
      coffee-script-source
      execjs
    coffee-script-source (1.12.2)
    concurrent-ruby (1.2.2)
    crack (0.4.5)
      rexml
    crass (1.0.6)
    daemons (1.4.1)
    database_cleaner (2.0.2)
      database_cleaner-active_record (>= 2, < 3)
    database_cleaner-active_record (2.1.0)
      activerecord (>= 5.a)
      database_cleaner-core (~> 2.0.0)
    database_cleaner-core (2.0.1)
    date (3.3.3)
    declarative (0.0.20)
    delayed_job (4.1.11)
      activesupport (>= 3.0, < 8.0)
    delayed_job_active_record (4.1.4)
      activerecord (>= 3.0, < 6.1)
      delayed_job (>= 3.0, < 5)
    devise (4.9.3)
      bcrypt (~> 3.0)
      orm_adapter (~> 0.1)
      railties (>= 4.1.0)
      responders
      warden (~> 1.2.3)
    devise_ldap_authenticatable (0.8.7)
      devise (>= 3.4.1)
      net-ldap (>= 0.16.0)
    diff-lcs (1.5.0)
    digest-crc (0.6.5)
      rake (>= 12.0.0, < 14.0.0)
    domain_name (0.5.20190701)
      unf (>= 0.0.5, < 1.0.0)
    erubi (1.12.0)
    exception_notification (4.5.0)
      actionmailer (>= 5.2, < 8)
      activesupport (>= 5.2, < 8)
    execjs (2.9.1)
    factory_bot (6.2.1)
      activesupport (>= 5.0.0)
    factory_bot_rails (6.2.0)
      factory_bot (~> 6.2.0)
      railties (>= 5.0.0)
    faraday (1.10.3)
      faraday-em_http (~> 1.0)
      faraday-em_synchrony (~> 1.0)
      faraday-excon (~> 1.1)
      faraday-httpclient (~> 1.0)
      faraday-multipart (~> 1.0)
      faraday-net_http (~> 1.0)
      faraday-net_http_persistent (~> 1.0)
      faraday-patron (~> 1.0)
      faraday-rack (~> 1.0)
      faraday-retry (~> 1.0)
      ruby2_keywords (>= 0.0.4)
    faraday-em_http (1.0.0)
    faraday-em_synchrony (1.0.0)
    faraday-excon (1.1.0)
    faraday-httpclient (1.0.1)
    faraday-multipart (1.0.4)
      multipart-post (~> 2)
    faraday-net_http (1.0.1)
    faraday-net_http_persistent (1.2.0)
    faraday-patron (1.0.0)
    faraday-rack (1.0.0)
    faraday-retry (1.0.3)
    ffi (1.13.1)
    foundation-rails (6.4.1.2)
      railties (>= 3.1.0)
      sass (>= 3.3.0, < 3.5)
      sprockets-es6 (>= 0.9.0)
    gapic-common (0.9.0)
      faraday (~> 1.3)
      google-protobuf (~> 3.14)
      googleapis-common-protos (>= 1.3.11, < 2.a)
      googleapis-common-protos-types (>= 1.0.6, < 2.a)
      googleauth (>= 0.17.0, < 2.a)
      grpc (~> 1.36)
    gems (1.2.0)
    globalid (1.1.0)
      activesupport (>= 5.0)
    google-api-client (0.53.0)
      google-apis-core (~> 0.1)
      google-apis-generator (~> 0.1)
    google-apis-bigquery_v2 (0.60.0)
      google-apis-core (>= 0.11.0, < 2.a)
    google-apis-cloudresourcemanager_v1 (0.35.0)
      google-apis-core (>= 0.11.0, < 2.a)
    google-apis-core (0.11.2)
      addressable (~> 2.5, >= 2.5.1)
      googleauth (>= 0.16.2, < 2.a)
      httpclient (>= 2.8.1, < 3.a)
      mini_mime (~> 1.0)
      representable (~> 3.0)
      retriable (>= 2.0, < 4.a)
      rexml
      webrick
    google-apis-discovery_v1 (0.14.0)
      google-apis-core (>= 0.11.0, < 2.a)
    google-apis-dns_v1 (0.34.0)
      google-apis-core (>= 0.11.0, < 2.a)
    google-apis-generator (0.12.0)
      activesupport (>= 5.0)
      gems (~> 1.2)
      google-apis-core (>= 0.11.0, < 2.a)
      google-apis-discovery_v1 (~> 0.5)
      thor (>= 0.20, < 2.a)
    google-apis-iamcredentials_v1 (0.17.0)
      google-apis-core (>= 0.11.0, < 2.a)
    google-apis-storage_v1 (0.19.0)
      google-apis-core (>= 0.9.0, < 2.a)
    google-cloud (0.64.0)
      google-cloud-asset (~> 0.1)
      google-cloud-bigquery (~> 1.1)
      google-cloud-bigquery-data_transfer (~> 0.1)
      google-cloud-bigtable (~> 1.0)
      google-cloud-container (~> 0.1)
      google-cloud-dataproc (~> 0.1)
      google-cloud-datastore (~> 1.4)
      google-cloud-dialogflow (~> 0.1)
      google-cloud-dlp (~> 0.4)
      google-cloud-dns (~> 0.28)
      google-cloud-error_reporting (~> 0.30)
      google-cloud-firestore (~> 1.0)
      google-cloud-kms (~> 1.0)
      google-cloud-language (~> 0.30)
      google-cloud-logging (~> 1.5)
      google-cloud-monitoring (~> 0.28)
      google-cloud-os_login (~> 0.1)
      google-cloud-phishing_protection (~> 0.1)
      google-cloud-pubsub (~> 1.0)
      google-cloud-recaptcha_enterprise (~> 0.1)
      google-cloud-redis (~> 0.2)
      google-cloud-resource_manager (~> 0.29)
      google-cloud-scheduler (~> 1.0)
      google-cloud-security_center (~> 0.1)
      google-cloud-spanner (~> 1.3)
      google-cloud-speech (~> 0.29)
      google-cloud-storage (~> 1.10)
      google-cloud-talent (~> 0.1)
      google-cloud-tasks (~> 1.0)
      google-cloud-text_to_speech (~> 0.1)
      google-cloud-trace (~> 0.31)
      google-cloud-translate (~> 2.0)
      google-cloud-video_intelligence (~> 2.0)
      google-cloud-vision (~> 0.28)
    google-cloud-asset (0.8.1)
      google-gax (~> 1.8)
      googleapis-common-protos (>= 1.3.9, < 2.0)
      googleapis-common-protos-types (>= 1.0.4, < 2.0)
      grpc-google-iam-v1 (~> 0.6.9)
    google-cloud-bigquery (1.45.0)
      concurrent-ruby (~> 1.0)
      google-apis-bigquery_v2 (~> 0.1)
      google-cloud-core (~> 1.6)
      googleauth (>= 0.16.2, < 2.a)
      mini_mime (~> 1.0)
    google-cloud-bigquery-data_transfer (0.9.0)
      google-gax (~> 1.8)
      googleapis-common-protos (>= 1.3.9, < 2.0)
      googleapis-common-protos-types (>= 1.0.4, < 2.0)
    google-cloud-bigtable (1.3.0)
      google-cloud-core (~> 1.1)
      google-gax (~> 1.8)
      googleapis-common-protos (>= 1.3.9, < 2.0)
      googleapis-common-protos-types (>= 1.0.4, < 2.0)
      grpc-google-iam-v1 (~> 0.6.9)
    google-cloud-container (0.11.0)
      google-gax (~> 1.8)
      googleapis-common-protos (>= 1.3.9, < 2.0)
      googleapis-common-protos-types (>= 1.0.4, < 2.0)
    google-cloud-core (1.6.0)
      google-cloud-env (~> 1.0)
      google-cloud-errors (~> 1.0)
    google-cloud-dataproc (0.10.0)
      google-gax (~> 1.8)
      googleapis-common-protos (>= 1.3.9, < 2.0)
      googleapis-common-protos-types (>= 1.0.4, < 2.0)
    google-cloud-datastore (1.8.2)
      google-cloud-core (~> 1.2)
      google-gax (~> 1.8)
      googleapis-common-protos (>= 1.3.9, < 2.0)
      googleapis-common-protos-types (>= 1.0.4, < 2.0)
    google-cloud-dialogflow (0.15.0)
      google-gax (~> 1.8)
      googleapis-common-protos (>= 1.3.9, < 2.0)
      googleapis-common-protos-types (>= 1.0.4, < 2.0)
    google-cloud-dlp (0.15.0)
      google-gax (~> 1.8)
      googleapis-common-protos (>= 1.3.9, < 2.0)
      googleapis-common-protos-types (>= 1.0.4, < 2.0)
    google-cloud-dns (0.36.1)
      google-apis-dns_v1 (~> 0.1)
      google-cloud-core (~> 1.6)
      googleauth (>= 0.16.2, < 2.a)
      zonefile (~> 1.04)
    google-cloud-env (1.6.0)
      faraday (>= 0.17.3, < 3.0)
    google-cloud-error_reporting (0.42.3)
      concurrent-ruby (~> 1.1)
      google-cloud-core (~> 1.5)
      google-cloud-error_reporting-v1beta1 (~> 0.0)
      stackdriver-core (~> 1.3)
    google-cloud-error_reporting-v1beta1 (0.4.5)
      gapic-common (>= 0.7, < 2.a)
      google-cloud-errors (~> 1.0)
    google-cloud-errors (1.3.1)
    google-cloud-firestore (1.4.4)
      concurrent-ruby (~> 1.0)
      google-cloud-core (~> 1.2)
      google-gax (~> 1.8)
      googleapis-common-protos (>= 1.3.9, < 2.0)
      googleapis-common-protos-types (>= 1.0.4, < 2.0)
      rbtree (~> 0.4.2)
    google-cloud-kms (1.6.0)
      google-gax (~> 1.8)
      googleapis-common-protos (>= 1.3.9, < 2.0)
      googleapis-common-protos-types (>= 1.0.4, < 2.0)
      grpc-google-iam-v1 (~> 0.6.9)
    google-cloud-language (0.36.0)
      google-gax (~> 1.8)
      googleapis-common-protos (>= 1.3.9, < 2.0)
      googleapis-common-protos-types (>= 1.0.4, < 2.0)
    google-cloud-logging (1.10.9)
      concurrent-ruby (~> 1.1)
      google-cloud-core (~> 1.2)
      google-gax (~> 1.8)
      googleapis-common-protos (>= 1.3.9, < 2.0)
      googleapis-common-protos-types (>= 1.0.4, < 2.0)
      stackdriver-core (~> 1.3)
    google-cloud-monitoring (0.38.0)
      google-gax (~> 1.8)
      googleapis-common-protos (>= 1.3.9, < 2.0)
      googleapis-common-protos-types (>= 1.0.4, < 2.0)
    google-cloud-os_login (0.7.0)
      google-gax (~> 1.8)
      googleapis-common-protos (>= 1.3.9, < 2.0)
      googleapis-common-protos-types (>= 1.0.4, < 2.0)
    google-cloud-phishing_protection (0.12.0)
      google-cloud-core (~> 1.6)
      google-cloud-phishing_protection-v1beta1 (>= 0.0, < 2.a)
    google-cloud-phishing_protection-v1beta1 (0.3.5)
      gapic-common (>= 0.7, < 2.a)
      google-cloud-errors (~> 1.0)
    google-cloud-pubsub (1.10.0)
      concurrent-ruby (~> 1.1)
      google-cloud-core (~> 1.2)
      google-gax (~> 1.8)
      googleapis-common-protos (>= 1.3.9, < 2.0)
      googleapis-common-protos-types (>= 1.0.4, < 2.0)
      grpc-google-iam-v1 (~> 0.6.9)
    google-cloud-recaptcha_enterprise (0.6.0)
      google-gax (~> 1.8)
      googleapis-common-protos (>= 1.3.9, < 2.0)
      googleapis-common-protos-types (>= 1.0.4, < 2.0)
      grpc-google-iam-v1 (~> 0.6.9)
    google-cloud-redis (0.8.2)
      google-gax (~> 1.8)
      googleapis-common-protos (>= 1.3.9, < 2.0)
      googleapis-common-protos-types (>= 1.0.4, < 2.0)
    google-cloud-resource_manager (0.37.0)
      google-apis-cloudresourcemanager_v1 (~> 0.1)
      google-cloud-core (~> 1.6)
      googleauth (>= 0.16.2, < 2.a)
    google-cloud-scheduler (1.3.1)
      google-gax (~> 1.8)
      googleapis-common-protos (>= 1.3.9, < 2.0)
      googleapis-common-protos-types (>= 1.0.4, < 2.0)
    google-cloud-security_center (0.10.0)
      google-gax (~> 1.8)
      googleapis-common-protos (>= 1.3.9, < 2.0)
      googleapis-common-protos-types (>= 1.0.4, < 2.0)
      grpc-google-iam-v1 (~> 0.6.9)
    google-cloud-spanner (1.16.2)
      concurrent-ruby (~> 1.0)
      google-cloud-core (~> 1.2)
      google-gax (~> 1.8)
      googleapis-common-protos (>= 1.3.9, < 2.0)
      googleapis-common-protos-types (>= 1.0.4, < 2.0)
      grpc-google-iam-v1 (~> 0.6.9)
    google-cloud-speech (0.41.0)
      google-gax (~> 1.8)
      googleapis-common-protos (>= 1.3.9, < 2.0)
      googleapis-common-protos-types (>= 1.0.4, < 2.0)
    google-cloud-storage (1.44.0)
      addressable (~> 2.8)
      digest-crc (~> 0.4)
      google-apis-iamcredentials_v1 (~> 0.1)
      google-apis-storage_v1 (~> 0.19.0)
      google-cloud-core (~> 1.6)
      googleauth (>= 0.16.2, < 2.a)
      mini_mime (~> 1.0)
    google-cloud-talent (0.20.0)
      google-cloud-core (~> 1.5)
      google-cloud-talent-v4beta1 (~> 0.0)
    google-cloud-talent-v4beta1 (0.5.0)
      gapic-common (>= 0.7, < 2.a)
      google-cloud-errors (~> 1.0)
    google-cloud-tasks (1.5.1)
      google-gax (~> 1.8)
      googleapis-common-protos (>= 1.3.9, < 2.0)
      googleapis-common-protos-types (>= 1.0.4, < 2.0)
      grpc-google-iam-v1 (~> 0.6.9)
    google-cloud-text_to_speech (0.7.0)
      google-gax (~> 1.8)
      googleapis-common-protos (>= 1.3.9, < 2.0)
      googleapis-common-protos-types (>= 1.0.4, < 2.0)
    google-cloud-trace (0.42.2)
      concurrent-ruby (~> 1.1)
      google-cloud-core (~> 1.5)
      google-cloud-trace-v1 (~> 0.0)
      google-cloud-trace-v2 (~> 0.0)
      stackdriver-core (~> 1.3)
    google-cloud-trace-v1 (0.3.5)
      gapic-common (>= 0.7, < 2.a)
      google-cloud-errors (~> 1.0)
    google-cloud-trace-v2 (0.3.5)
      gapic-common (>= 0.7, < 2.a)
      google-cloud-errors (~> 1.0)
    google-cloud-translate (2.3.0)
      faraday (>= 0.17.3, < 2.0)
      google-cloud-core (~> 1.2)
      google-gax (~> 1.8)
      googleapis-common-protos (>= 1.3.9, < 2.0)
      googleapis-common-protos-types (>= 1.0.4, < 2.0)
    google-cloud-video_intelligence (2.1.1)
      google-gax (~> 1.8)
      googleapis-common-protos (>= 1.3.9, < 2.0)
      googleapis-common-protos-types (>= 1.0.4, < 2.0)
    google-cloud-vision (0.38.0)
      google-gax (~> 1.8)
      googleapis-common-protos (>= 1.3.9, < 2.0)
      googleapis-common-protos-types (>= 1.0.4, < 2.0)
    google-gax (1.8.2)
      google-protobuf (~> 3.9)
      googleapis-common-protos (>= 1.3.9, < 2.0)
      googleapis-common-protos-types (>= 1.0.4, < 2.0)
      googleauth (~> 0.9)
      grpc (~> 1.24)
      rly (~> 0.2.3)
    google-protobuf (3.25.6-arm64-darwin)
    google-protobuf (3.25.6-x86_64-darwin)
    google-protobuf (3.25.6-x86_64-linux)
    googleapis-common-protos (1.4.0)
      google-protobuf (~> 3.14)
      googleapis-common-protos-types (~> 1.2)
      grpc (~> 1.27)
    googleapis-common-protos-types (1.19.0)
      google-protobuf (>= 3.18, < 5.a)
    googleauth (0.17.1)
      faraday (>= 0.17.3, < 2.0)
      jwt (>= 1.4, < 3.0)
      memoist (~> 0.16)
      multi_json (~> 1.11)
      os (>= 0.9, < 2.0)
      signet (~> 0.15)
    grpc (1.71.0-arm64-darwin)
      google-protobuf (>= 3.25, < 5.0)
      googleapis-common-protos-types (~> 1.0)
    grpc (1.71.0-x86_64-darwin)
      google-protobuf (>= 3.25, < 5.0)
      googleapis-common-protos-types (~> 1.0)
    grpc (1.71.0-x86_64-linux)
      google-protobuf (>= 3.25, < 5.0)
      googleapis-common-protos-types (~> 1.0)
    grpc-google-iam-v1 (0.6.11)
      google-protobuf (~> 3.14)
      googleapis-common-protos (>= 1.3.11, < 2.0)
      grpc (~> 1.27)
    haml (6.2.3)
      temple (>= 0.8.2)
      thor
      tilt
    hashdiff (1.0.1)
    http-accept (1.7.0)
    http-cookie (1.0.5)
      domain_name (~> 0.5)
    httpclient (2.8.3)
    i18n (1.14.1)
      concurrent-ruby (~> 1.0)
    image_processing (1.12.2)
      mini_magick (>= 4.9.5, < 5)
      ruby-vips (>= 2.0.17, < 3)
    jbuilder (2.11.5)
      actionview (>= 5.0.0)
      activesupport (>= 5.0.0)
    jquery-rails (4.6.0)
      rails-dom-testing (>= 1, < 3)
      railties (>= 4.2.0)
      thor (>= 0.14, < 2.0)
    jquery-ui-rails (6.0.1)
      railties (>= 3.2.16)
    jwt (2.7.1)
    listen (3.0.8)
      rb-fsevent (~> 0.9, >= 0.9.4)
      rb-inotify (~> 0.9, >= 0.9.7)
    loofah (2.21.4)
      crass (~> 1.0.2)
      nokogiri (>= 1.12.0)
    macaddr (1.7.2)
      systemu (~> 2.6.5)
    mail (2.8.1)
      mini_mime (>= 0.1.1)
      net-imap
      net-pop
      net-smtp
    marcel (1.0.2)
    matrix (0.4.2)
    memoist (0.16.2)
    method_source (1.0.0)
    mime-types (3.5.1)
      mime-types-data (~> 3.2015)
    mime-types-data (3.2023.1003)
    mimemagic (0.4.3)
      nokogiri (~> 1)
      rake
    mini_magick (4.12.0)
    mini_mime (1.1.5)
    minitest (5.20.0)
    multi_json (1.15.0)
    multipart-post (2.3.0)
    net-imap (0.4.4)
      date
      net-protocol
    net-ldap (0.18.0)
    net-pop (0.1.2)
      net-protocol
    net-protocol (0.2.1)
      timeout
    net-scp (4.0.0)
      net-ssh (>= 2.6.5, < 8.0.0)
    net-smtp (0.4.0)
      net-protocol
    net-ssh (7.2.0)
    netrc (0.11.0)
    nio4r (2.5.9)
    nokogiri (1.15.4-arm64-darwin)
      racc (~> 1.4)
    nokogiri (1.15.4-x86_64-darwin)
      racc (~> 1.4)
    nokogiri (1.15.4-x86_64-linux)
      racc (~> 1.4)
    orm_adapter (0.5.0)
    os (1.1.4)
    paper_trail (14.0.0)
      activerecord (>= 6.0)
      request_store (~> 1.4)
    pg (1.5.4)
    public_suffix (5.0.3)
    puma (5.6.8)
      nio4r (~> 2.0)
    pundit (2.3.1)
      activesupport (>= 3.0.0)
    racc (1.7.2)
    rack (2.2.8)
    rack-test (2.1.0)
      rack (>= 1.3)
    rails (6.0.6.1)
      actioncable (= 6.0.6.1)
      actionmailbox (= 6.0.6.1)
      actionmailer (= 6.0.6.1)
      actionpack (= 6.0.6.1)
      actiontext (= 6.0.6.1)
      actionview (= 6.0.6.1)
      activejob (= 6.0.6.1)
      activemodel (= 6.0.6.1)
      activerecord (= 6.0.6.1)
      activestorage (= 6.0.6.1)
      activesupport (= 6.0.6.1)
      bundler (>= 1.3.0)
      railties (= 6.0.6.1)
      sprockets-rails (>= 2.0.0)
    rails-dom-testing (2.2.0)
      activesupport (>= 5.0.0)
      minitest
      nokogiri (>= 1.6)
    rails-html-sanitizer (1.6.0)
      loofah (~> 2.21)
      nokogiri (~> 1.14)
    railties (6.0.6.1)
      actionpack (= 6.0.6.1)
      activesupport (= 6.0.6.1)
      method_source
      rake (>= 0.8.7)
      thor (>= 0.20.3, < 2.0)
    rake (13.1.0)
    rb-fsevent (0.11.2)
    rb-inotify (0.10.1)
      ffi (~> 1.0)
    rb-readline (0.5.5)
    rbtree (0.4.6)
    record_tag_helper (1.0.1)
      actionview (>= 5)
    regexp_parser (2.8.2)
    representable (3.2.0)
      declarative (< 0.1.0)
      trailblazer-option (>= 0.1.1, < 0.2.0)
      uber (< 0.2.0)
    request_store (1.5.1)
      rack (>= 1.4)
    responders (3.1.1)
      actionpack (>= 5.2)
      railties (>= 5.2)
    rest-client (2.1.0)
      http-accept (>= 1.7.0, < 2.0)
      http-cookie (>= 1.0.2, < 2.0)
      mime-types (>= 1.16, < 4.0)
      netrc (~> 0.8)
    retriable (3.1.2)
    retries (0.0.5)
    rexml (3.2.6)
    rly (0.2.3)
    rspec (3.12.0)
      rspec-core (~> 3.12.0)
      rspec-expectations (~> 3.12.0)
      rspec-mocks (~> 3.12.0)
    rspec-core (3.12.2)
      rspec-support (~> 3.12.0)
    rspec-expectations (3.12.3)
      diff-lcs (>= 1.2.0, < 2.0)
      rspec-support (~> 3.12.0)
    rspec-mocks (3.12.6)
      diff-lcs (>= 1.2.0, < 2.0)
      rspec-support (~> 3.12.0)
    rspec-rails (5.1.2)
      actionpack (>= 5.2)
      activesupport (>= 5.2)
      railties (>= 5.2)
      rspec-core (~> 3.10)
      rspec-expectations (~> 3.10)
      rspec-mocks (~> 3.10)
      rspec-support (~> 3.10)
    rspec-support (3.12.1)
    ruby-vips (2.2.0)
      ffi (~> 1.12)
    ruby2_keywords (0.0.5)
    rubyzip (2.3.2)
    sass (3.4.25)
    sass-rails (5.1.0)
      railties (>= 5.2.0)
      sass (~> 3.1)
      sprockets (>= 2.8, < 4.0)
      sprockets-rails (>= 2.0, < 4.0)
      tilt (>= 1.1, < 3)
    selenium-webdriver (4.15.0)
      rexml (~> 3.2, >= 3.2.5)
      rubyzip (>= 1.2.2, < 3.0)
      websocket (~> 1.0)
    shoulda (4.0.0)
      shoulda-context (~> 2.0)
      shoulda-matchers (~> 4.0)
    shoulda-context (2.0.0)
    shoulda-matchers (4.5.1)
      activesupport (>= 4.2.0)
    signet (0.18.0)
      addressable (~> 2.8)
      faraday (>= 0.17.5, < 3.a)
      jwt (>= 1.5, < 3.0)
      multi_json (~> 1.10)
    spring (2.1.1)
    spring-watcher-listen (2.0.1)
      listen (>= 2.7, < 4.0)
      spring (>= 1.2, < 3.0)
    sprockets (3.7.2)
      concurrent-ruby (~> 1.0)
      rack (> 1, < 3)
    sprockets-es6 (0.9.2)
      babel-source (>= 5.8.11)
      babel-transpiler
      sprockets (>= 3.0.0)
    sprockets-rails (3.4.2)
      actionpack (>= 5.2)
      activesupport (>= 5.2)
      sprockets (>= 3.0.0)
    sshkit (1.21.5)
      net-scp (>= 1.1.2)
      net-ssh (>= 2.8.0)
    stackdriver-core (1.5.0)
      google-cloud-core (~> 1.2)
    systemu (2.6.5)
    temple (0.10.3)
    thor (1.3.0)
    thread_safe (0.3.6)
    tilt (2.3.0)
    timeout (0.4.0)
    tiny_tds (2.1.5)
    trailblazer-option (0.1.2)
    turbolinks (5.2.1)
      turbolinks-source (~> 5.2)
    turbolinks-source (5.2.0)
    tzinfo (1.2.11)
      thread_safe (~> 0.1)
    uber (0.1.0)
    uglifier (4.2.0)
      execjs (>= 0.3.0, < 3)
    unf (0.1.4)
      unf_ext
    unf_ext (0.0.8.2)
    uuid (2.3.9)
      macaddr (~> 1.0)
    warden (1.2.9)
      rack (>= 2.0.9)
    web-console (4.2.1)
      actionview (>= 6.0.0)
      activemodel (>= 6.0.0)
      bindex (>= 0.4.0)
      railties (>= 6.0.0)
    webmock (3.19.1)
      addressable (>= 2.8.0)
      crack (>= 0.3.2)
      hashdiff (>= 0.4.0, < 2.0.0)
    webrick (1.8.1)
    websocket (1.2.10)
    websocket-driver (0.7.6)
      websocket-extensions (>= 0.1.0)
    websocket-extensions (0.1.5)
    whenever (1.0.0)
      chronic (>= 0.6.3)
    will_paginate (4.0.0)
    will_paginate-foundation (6.2.1)
      will_paginate (>= 3.0.3)
    xpath (3.2.0)
      nokogiri (~> 1.8)
    yajl-ruby (1.4.3)
    zeitwerk (2.6.12)
    zonefile (1.06)

PLATFORMS
  arm64-darwin-23
  x86_64-darwin-21
  x86_64-linux

DEPENDENCIES
  activerecord-sqlserver-adapter
  american_date
  byebug
  capistrano (~> 3.16.0)
  capistrano-rails
  capistrano-rvm
  capybara
  carrierwave (>= 1.0.0.rc, < 2.0)
  coffee-rails (~> 4.2)
  daemons
  database_cleaner
  delayed_job_active_record (= 4.1.4)
  devise (~> 4.7)
  devise_ldap_authenticatable
  exception_notification
  factory_bot_rails
  ffi (~> 1.13.1)
  foundation-rails (= 6.4.1.2)
  google-api-client
  google-cloud
  grpc
  haml
  jbuilder (~> 2.5)
  jquery-rails
  jquery-ui-rails
  listen (~> 3.0.5)
  paper_trail
  pg
  puma (~> 5.6)
  pundit
  rails (~> 6.0)
  rb-readline
  rbtree (= 0.4.6)
  record_tag_helper
  rest-client
  retries
  rspec
  rspec-rails
  sass-rails (~> 5.0)
  selenium-webdriver
  shoulda
  spring
  spring-watcher-listen (~> 2.0.0)
  tiny_tds
  turbolinks (~> 5)
  tzinfo-data
  uglifier (>= 1.3.0)
  uuid
  web-console
  webmock
  whenever
  will_paginate
  will_paginate-foundation
  yajl-ruby

RUBY VERSION
   ruby 3.2.2p53

BUNDLED WITH
   2.4.21
